PATH
  remote: .
  specs:
    omniauth-identity (3.1.0)
      bcrypt (~> 3.1)
      omniauth (>= 1)
      version_gem (~> 1.1, >= 1.1.4)

GEM
  remote: https://rubygems.org/
  specs:
    activemodel (7.0.8.6)
      activesupport (= 7.0.8.6)
    activerecord (7.0.8.6)
      activemodel (= 7.0.8.6)
      activesupport (= 7.0.8.6)
    activesupport (7.0.8.6)
      concurrent-ruby (~> 1.0, >= 1.0.2)
      i18n (>= 1.6, < 2)
      minitest (>= 5.1)
      tzinfo (~> 2.0)
    anonymous_active_record (1.0.9)
      activerecord (>= 5)
      activesupport (>= 5)
      version_gem (~> 1.1, >= 1.1.4)
    ansi (1.5.0)
    appraisal (2.5.0)
      bundler
      rake
      thor (>= 0.14.0)
    ast (2.4.2)
    backports (3.25.0)
    base64 (0.2.0)
    bcrypt (3.1.20)
    bigdecimal (3.1.8)
    bson (5.0.1)
    byebug (11.1.3)
    coderay (1.1.3)
    concurrent-ruby (1.3.4)
    couch_potato (1.17.0)
      activemodel (>= 5.0, < 8.0)
      couchrest (~> 2.0.0)
      json (~> 2.3)
    couchrest (2.0.1)
      httpclient (~> 2.8)
      mime-types (>= 1.15)
      multi_json (~> 1.7)
    diff-lcs (1.5.1)
    diffy (3.4.3)
    docile (1.4.1)
    ffi (1.17.0-aarch64-linux-gnu)
    ffi (1.17.0-aarch64-linux-musl)
    ffi (1.17.0-arm-linux-gnu)
    ffi (1.17.0-arm-linux-musl)
    ffi (1.17.0-arm64-darwin)
    ffi (1.17.0-x86-linux-gnu)
    ffi (1.17.0-x86-linux-musl)
    ffi (1.17.0-x86_64-darwin)
    ffi (1.17.0-x86_64-linux-gnu)
    ffi (1.17.0-x86_64-linux-musl)
    formatador (1.1.0)
    github-markup (5.0.1)
    growl (1.0.3)
    guard (2.19.0)
      formatador (>= 0.2.4)
      listen (>= 2.7, < 4.0)
      lumberjack (>= 1.0.12, < 2.0)
      nenv (~> 0.1)
      notiffany (~> 0.0)
      pry (>= 0.13.0)
      shellany (~> 0.0)
      thor (>= 0.18.1)
    guard-bundler (3.0.1)
      bundler (>= 2.1, < 3)
      guard (~> 2.2)
      guard-compat (~> 1.1)
    guard-compat (1.2.1)
    guard-rspec (4.7.3)
      guard (~> 2.1)
      guard-compat (~> 1.1)
      rspec (>= 2.99.0, < 4.0)
    hashie (5.0.0)
    httpclient (2.8.3)
    i18n (1.14.6)
      concurrent-ruby (~> 1.0)
    json (2.8.1)
    kettle-soup-cover (1.0.4)
      simplecov (~> 0.22)
      simplecov-cobertura (~> 2.1)
      simplecov-console (~> 0.9, >= 0.9.1)
      simplecov-html (~> 0.12)
      simplecov-lcov (~> 0.8)
      simplecov-rcov (~> 0.3, >= 0.3.3)
      simplecov_json_formatter (~> 0.1, >= 0.1.4)
      version_gem (~> 1.1, >= 1.1.4)
    language_server-protocol (3.17.0.3)
    lint_roller (1.1.0)
    listen (3.9.0)
      rb-fsevent (~> 0.10, >= 0.10.3)
      rb-inotify (~> 0.9, >= 0.9.10)
    logger (1.6.1)
    lumberjack (1.2.10)
    method_source (1.1.0)
    middleware (0.1.0)
    mime-types (3.6.0)
      logger
      mime-types-data (~> 3.2015)
    mime-types-data (3.2024.1105)
    minitest (5.25.1)
    mongo (2.21.0)
      bson (>= 4.14.1, < 6.0.0)
    mongoid (7.5.4)
      activemodel (>= 5.1, < 7.1, != 7.0.0)
      mongo (>= 2.10.5, < 3.0.0)
      ruby2_keywords (~> 0.0.5)
    mongoid-compatibility (1.0.0)
      activesupport
      mongoid (>= 2.0)
    mongoid-rspec (4.2.0)
      mongoid (>= 3.0, < 10.0)
      mongoid-compatibility (>= 0.5.1)
    multi_json (1.15.0)
    nenv (0.3.0)
    nobrainer (0.44.1)
      activemodel (>= 4.1.0, < 8)
      activesupport (>= 4.1.0, < 8)
      middleware (~> 0.1.0)
      rethinkdb (>= 2.3.0, < 2.5)
      symbol_decoration (~> 1.1)
    notiffany (0.1.3)
      nenv (~> 0.1)
      shellany (~> 0.0)
    omniauth (2.1.2)
      hashie (>= 3.4.6)
      rack (>= 2.2.3)
      rack-protection
    ostruct (0.6.1)
    parallel (1.26.3)
    parser (3.3.6.0)
      ast (~> 2.4.1)
      racc
    power_assert (2.0.4)
    pry (0.14.2)
      coderay (~> 1.1)
      method_source (~> 1.0)
    racc (1.8.1)
    rack (2.2.10)
    rack-protection (3.2.0)
      base64 (>= 0.1.0)
      rack (~> 2.2, >= 2.2.4)
    rack-test (1.1.0)
      rack (>= 1.0, < 3)
    rainbow (3.1.1)
    rake (13.2.1)
    rb-fsevent (0.11.2)
    rb-inotify (0.11.1)
      ffi (~> 1.0)
    redcarpet (3.6.0)
    regexp_parser (2.9.2)
    rethinkdb (2.4.0.0)
    rexml (3.3.9)
    rspec (3.13.0)
      rspec-core (~> 3.13.0)
      rspec-expectations (~> 3.13.0)
      rspec-mocks (~> 3.13.0)
    rspec-block_is_expected (1.0.6)
    rspec-core (3.13.2)
      rspec-support (~> 3.13.0)
    rspec-expectations (3.13.3)
      diff-lcs (>= 1.2.0, < 2.0)
      rspec-support (~> 3.13.0)
    rspec-mocks (3.13.2)
      diff-lcs (>= 1.2.0, < 2.0)
      rspec-support (~> 3.13.0)
    rspec-support (3.13.1)
    rubocop (1.66.1)
      json (~> 2.3)
      language_server-protocol (>= 3.17.0)
      parallel (~> 1.10)
      parser (>= 3.3.0.2)
      rainbow (>= 2.2.2, < 4.0)
      regexp_parser (>= 2.4, < 3.0)
      rubocop-ast (>= 1.32.2, < 2.0)
      ruby-progressbar (~> 1.7)
      unicode-display_width (>= 2.4.0, < 3.0)
    rubocop-ast (1.35.0)
      parser (>= 3.3.1.0)
    rubocop-gradual (0.3.6)
      diff-lcs (>= 1.2.0, < 2.0)
      diffy (~> 3.0)
      parallel (~> 1.10)
      rainbow (>= 2.2.2, < 4.0)
      rubocop (~> 1.0)
    rubocop-lts (12.1.1)
      rubocop-ruby2_4 (>= 2.0.3, < 3)
      standard-rubocop-lts (>= 1.0.3, < 3)
      version_gem (>= 1.1.2, < 3)
    rubocop-md (1.2.4)
      rubocop (>= 1.45)
    rubocop-minitest (0.36.0)
      rubocop (>= 1.61, < 2.0)
      rubocop-ast (>= 1.31.1, < 2.0)
    rubocop-packaging (0.5.2)
      rubocop (>= 1.33, < 2.0)
    rubocop-performance (1.22.1)
      rubocop (>= 1.48.1, < 2.0)
      rubocop-ast (>= 1.31.1, < 2.0)
    rubocop-rake (0.6.0)
      rubocop (~> 1.0)
    rubocop-rspec (3.2.0)
      rubocop (~> 1.61)
    rubocop-ruby2_4 (2.0.5)
      rubocop-gradual (~> 0.3, >= 0.3.1)
      rubocop-md (~> 1.2)
      rubocop-rake (~> 0.6)
      rubocop-shopify (~> 2.14)
      rubocop-thread_safety (~> 0.5, >= 0.5.1)
      standard-rubocop-lts (~> 1.0, >= 1.0.7)
      version_gem (>= 1.1.3, < 3)
    rubocop-sequel (0.3.7)
      rubocop (~> 1.0)
    rubocop-shopify (2.15.1)
      rubocop (~> 1.51)
    rubocop-thread_safety (0.6.0)
      rubocop (>= 1.48.1)
    ruby-progressbar (1.13.0)
    ruby2_keywords (0.0.5)
    sequel (5.86.0)
      bigdecimal
    shellany (0.0.1)
    simplecov (0.22.0)
      docile (~> 1.1)
      simplecov-html (~> 0.11)
      simplecov_json_formatter (~> 0.1)
    simplecov-cobertura (2.1.0)
      rexml
      simplecov (~> 0.19)
    simplecov-console (0.9.2)
      ansi
      simplecov
      terminal-table
    simplecov-html (0.13.1)
    simplecov-lcov (0.8.0)
    simplecov-rcov (0.3.7)
      simplecov (>= 0.4.1)
    simplecov_json_formatter (0.1.4)
    sqlite3 (1.7.3-aarch64-linux)
    sqlite3 (1.7.3-arm-linux)
    sqlite3 (1.7.3-arm64-darwin)
    sqlite3 (1.7.3-x86-linux)
    sqlite3 (1.7.3-x86_64-darwin)
    sqlite3 (1.7.3-x86_64-linux)
    standard (1.41.1)
      language_server-protocol (~> 3.17.0.2)
      lint_roller (~> 1.0)
      rubocop (~> 1.66.0)
      standard-custom (~> 1.0.0)
      standard-performance (~> 1.5)
    standard-custom (1.0.2)
      lint_roller (~> 1.0)
      rubocop (~> 1.50)
    standard-performance (1.5.0)
      lint_roller (~> 1.1)
      rubocop-performance (~> 1.22.0)
    standard-rubocop-lts (1.0.10)
      rspec-block_is_expected (~> 1.0, >= 1.0.5)
      standard (>= 1.35.1, < 2)
      standard-custom (>= 1.0.2, < 2)
      standard-performance (>= 1.3.1, < 2)
      version_gem (>= 1.1.4, < 3)
    symbol_decoration (1.1.0)
    terminal-table (3.0.2)
      unicode-display_width (>= 1.1.1, < 3)
    test-unit (3.6.2)
      power_assert
    thor (1.3.2)
    tzinfo (2.0.6)
      concurrent-ruby (~> 1.0)
    unicode-display_width (2.6.0)
    version_gem (1.1.4)
    yard (0.9.37)
    yard-junk (0.0.10)
      backports (>= 3.18)
      ostruct
      rainbow
      yard

PLATFORMS
  aarch64-linux
  aarch64-linux-gnu
  aarch64-linux-musl
  arm-linux
  arm-linux-gnu
  arm-linux-musl
  arm64-darwin
  x86-linux
  x86-linux-gnu
  x86-linux-musl
  x86_64-darwin
  x86_64-linux
  x86_64-linux-gnu
  x86_64-linux-musl

DEPENDENCIES
  activerecord (>= 6)
  anonymous_active_record (~> 1)
  appraisal (~> 2.5)
  byebug (>= 11)
  couch_potato (~> 1.17)
  github-markup
  growl
  guard
  guard-bundler
  guard-rspec
  kettle-soup-cover (~> 1.0, >= 1.0.2)
  mongoid (~> 7)
  mongoid-rspec (~> 4.2)
  nobrainer (~> 0.44)
  omniauth-identity!
  rack-test (~> 1)
  rake (~> 13)
  rb-fsevent
  redcarpet
  rspec (~> 3)
  rspec-block_is_expected (~> 1.0, >= 1.0.6)
  rubocop-lts (~> 12.1, >= 12.1.1)
  rubocop-minitest
  rubocop-packaging (~> 0.5, >= 0.5.2)
  rubocop-rspec (~> 3.2)
  rubocop-sequel
  sequel (~> 5.86)
  sqlite3 (~> 1.4)
  standard (>= 1.35.1)
  test-unit (>= 3.0)
  yard (~> 0.9.34)
  yard-junk (~> 0.0.10)

BUNDLED WITH
   2.5.23
